PATH
  remote: .
  specs:
    zzsharedlib (0.0.1)
      json (>= 1.5.1)
      right_aws (>= 1.3.0)

GEM
  remote: http://rubygems.org/
  specs:
    json (1.5.3)
    right_aws (2.1.0)
      right_http_connection (>= 1.2.5)
    right_http_connection (1.3.0)

PLATFORMS
  ruby

DEPENDENCIES
  zzsharedlib!
